GEM
  remote: https://rubygems.org/
  specs:
    activesupport (6.0.2.1)
      concurrent-ruby (~> 1.0, >= 1.0.2)
      i18n (>= 0.7, < 2)
      minitest (~> 5.1)
      tzinfo (~> 1.1)
      zeitwerk (~> 2.2)
    colorize (0.8.1)
    concurrent-ruby (1.1.5)
    faraday (1.0.0)
      multipart-post (>= 1.2, < 3)
    graphql (1.10.0)
    graphql-client (0.16.0)
      activesupport (>= 3.0)
      graphql (~> 1.8)
    i18n (1.8.2)
      concurrent-ruby (~> 1.0)
    json (2.3.0)
    minitest (5.14.0)
    multipart-post (2.1.1)
    thread_safe (0.3.6)
    tzinfo (1.2.6)
      thread_safe (~> 0.1)
    zeitwerk (2.2.2)

PLATFORMS
  ruby

DEPENDENCIES
  colorize (~> 0.8.1)
  faraday (~> 1.0)
  graphql-client (~> 0.16.0)
  json (~> 2.3)

BUNDLED WITH
   2.1.4
